GEM
  remote: https://rubygems.org/
  specs:
    coderay (1.1.2)
    graphql (1.8.8)
    method_source (0.9.0)
    minitest (5.11.3)
    oj (3.6.8)
    pry (0.11.3)
      coderay (~> 1.1.0)
      method_source (~> 0.9.0)
    puma (3.12.0)
    rack (2.0.5)
    rack-jsonparser (1.0.2)
      oj (~> 3)
      rack (~> 2)
    rack-test (1.1.0)
      rack (>= 1.0, < 3)
    rake (12.3.1)

PLATFORMS
  ruby

DEPENDENCIES
  graphql
  minitest
  oj
  pry
  puma
  rack
  rack-jsonparser
  rack-test
  rake

BUNDLED WITH
   1.16.4
