GEM
  remote: https://rubygems.org/
  specs:
    byebug (10.0.2)
    coderay (1.1.2)
    concurrent-ruby (1.0.5)
    faker (1.9.1)
      i18n (>= 0.7)
    graphql (1.8.8)
    i18n (1.1.0)
      concurrent-ruby (~> 1.0)
    method_source (0.9.0)
    minitest (5.11.3)
    nio4r (2.5.8)
    oj (3.6.8)
    pry (0.11.3)
      coderay (~> 1.1.0)
      method_source (~> 0.9.0)
    puma (4.3.9)
      nio4r (~> 2.0)
    rack (2.0.5)
    rack-jsonparser (1.0.2)
      oj (~> 3)
      rack (~> 2)
    rack-test (1.1.0)
      rack (>= 1.0, < 3)
    rake (12.3.1)

PLATFORMS
  ruby

DEPENDENCIES
  byebug
  faker
  graphql
  minitest
  oj
  pry
  puma
  rack
  rack-jsonparser
  rack-test
  rake

BUNDLED WITH
   1.16.4
